GEM
  remote: http://rubygems.org/
  specs:
    rake (12.3.2)

PLATFORMS
  ruby

DEPENDENCIES
  rake (~> 12)

BUNDLED WITH
   1.16.2
